GEM
  remote: https://rubygems.org/
  specs:
    mini_portile (0.5.2)
    nokogiri (1.6.0)
      mini_portile (~> 0.5.0)
    serialport (1.2.1)
    sqlite3 (1.3.8)

PLATFORMS
  ruby

DEPENDENCIES
  nokogiri
  serialport
  sqlite3
